GEM
  remote: https://rubygems.org/
  specs:
    icalendar (1.2.1)

PLATFORMS
  ruby

DEPENDENCIES
  icalendar
